GEM
  remote: https://rubygems.org/
  specs:
    addressable (2.2.8)
    classifier (1.3.3)
      fast-stemmer (>= 1.0.0)
    directory_watcher (1.4.1)
    faraday (0.7.6)
      addressable (~> 2.2)
      multipart-post (~> 1.1)
      rack (~> 1.1)
    faraday_middleware (0.8.7)
      faraday (>= 0.7.4, < 0.9)
    fast-stemmer (1.0.1)
    hashie (1.2.0)
    heroku (2.25.0)
      launchy (>= 0.3.2)
      netrc (~> 0.7.1)
      rest-client (~> 1.6.1)
      rubyzip
    instagram (0.8.3)
      faraday (~> 0.7)
      faraday_middleware (~> 0.8)
      hashie (>= 0.4.0)
      multi_json (~> 1.0.3)
    jekyll (0.6.2)
      classifier (>= 1.3.1)
      directory_watcher (>= 1.1.1)
      liquid (>= 1.9.0)
      maruku (>= 0.5.9)
    json (1.7.0)
    launchy (2.1.0)
      addressable (~> 2.2.6)
    liquid (2.3.0)
    maruku (0.6.0)
      syntax (>= 1.0.0)
    mime-types (1.18)
    multi_json (1.0.4)
    multipart-post (1.1.5)
    netrc (0.7.1)
    rack (1.2.5)
    rack-jekyll (0.3.7)
      jekyll (~> 0.6.2)
      rack (~> 1.2.1)
    rake (0.9.2.2)
    rdiscount (1.6.8)
    rest-client (1.6.7)
      mime-types (>= 1.16)
    rubyzip (0.9.8)
    syntax (1.0.0)

PLATFORMS
  ruby

DEPENDENCIES
  faraday (= 0.7.6)
  heroku
  instagram
  jekyll
  json
  rack-jekyll
  rake
  rdiscount
